GIT
  remote: git://github.com/Hobo/hobo_paperclip
  revision: 5b97b6db1e52deac70a216256ad54b33de374e6d
  specs:
    hobo_paperclip (0.0.3)
      hobo
      paperclip

GIT
  remote: git://github.com/Hobo/hobo_simple_color
  revision: a3004f3cbebd4412647735a87ff470464a63832b
  specs:
    hobo_simple_color (0.0.2)
      hobo (> 1.4.0.pre4)

GIT
  remote: git://github.com/Hobo/hobo_tokeninput
  revision: 271317004e0a3c6fd6083405b30193e3fbbae0ba
  specs:
    hobo_tokeninput (0.0.1)
      hobo (> 1.4.0.pre5)

GIT
  remote: git://github.com/Hobo/will_paginate.git
  revision: cc7ef01551b94fe4f607e38929037234dc70bb62
  specs:
    will_paginate (3.0.4.hobo)

GIT
  remote: git://github.com/jnicklas/capybara.git
  revision: bcae6bea021e2f77aebf6093134e23a07e415e02
  specs:
    capybara (1.1.2)
      mime-types (>= 1.16)
      nokogiri (>= 1.3.3)
      rack (>= 1.0.0)
      rack-test (>= 0.5.4)
      selenium-webdriver (~> 2.0)
      xpath (~> 0.1.4)

PATH
  remote: ../..
  specs:
    dryml (2.0.1)
      actionpack (~> 3.2.0)
      hobo_support (= 2.0.1)
    hobo (2.0.1)
      dryml (= 2.0.1)
      hobo_fields (= 2.0.1)
      hobo_support (= 2.0.1)
      will_paginate (~> 3.0.0)
    hobo_fields (2.0.1)
      hobo_support (= 2.0.1)
    hobo_jquery (2.0.1)
      hobo_rapid (= 2.0.1)
      jquery-rails (~> 2.0)
    hobo_jquery_ui (2.0.1)
      hobo (= 2.0.1)
      hobo_jquery (= 2.0.1)
      jquery-ui-themes (~> 0.0.4)
    hobo_rapid (2.0.1)
      hobo (= 2.0.1)
    hobo_support (2.0.1)
      rails (~> 3.2.0)

PATH
  remote: ../../../hobo_bootstrap
  specs:
    hobo_bootstrap (2.0.1)
      bootstrap-sass (~> 2.1)
      hobo (~> 2.0.0.pre6)
      hobo_jquery (~> 2.0.0.pre6)
      will_paginate-bootstrap (~> 0.2.1)

PATH
  remote: ../../../hobo_bootstrap_ui
  specs:
    hobo_bootstrap_ui (2.0.1)
      bootstrap-datepicker-rails
      hobo_bootstrap (~> 2.0.0.pre1)

GEM
  remote: http://rubygems.org/
  specs:
    RedCloth (4.2.9)
    RedCloth (4.2.9-java)
    actionmailer (3.2.12)
      actionpack (= 3.2.12)
      mail (~> 2.4.4)
    actionpack (3.2.12)
      activemodel (= 3.2.12)
      activesupport (= 3.2.12)
      builder (~> 3.0.0)
      erubis (~> 2.7.0)
      journey (~> 1.0.4)
      rack (~> 1.4.5)
      rack-cache (~> 1.2)
      rack-test (~> 0.6.1)
      sprockets (~> 2.2.1)
    activemodel (3.2.12)
      activesupport (= 3.2.12)
      builder (~> 3.0.0)
    activerecord (3.2.12)
      activemodel (= 3.2.12)
      activesupport (= 3.2.12)
      arel (~> 3.0.2)
      tzinfo (~> 0.3.29)
    activerecord-jdbc-adapter (1.2.6)
    activerecord-jdbcsqlite3-adapter (1.2.6)
      activerecord-jdbc-adapter (~> 1.2.6)
      jdbc-sqlite3 (~> 3.7.2)
    activeresource (3.2.12)
      activemodel (= 3.2.12)
      activesupport (= 3.2.12)
    activesupport (3.2.12)
      i18n (~> 0.6)
      multi_json (~> 1.0)
    acts_as_list (0.1.8)
    addressable (2.3.2)
    arel (3.0.2)
    awesome_print (1.0.2)
    bootstrap-datepicker-rails (1.1.1.7)
      railties (>= 3.0)
    bootstrap-sass (2.1.1.0)
    builder (3.0.4)
    childprocess (0.3.5)
      ffi (~> 1.0, >= 1.0.6)
    climate_control (0.0.3)
      activesupport (>= 3.0)
    cocaine (0.5.1)
      climate_control (>= 0.0.3, < 1.0)
    coffee-rails (3.2.2)
      coffee-script (>= 2.2.0)
      railties (~> 3.2.0)
    coffee-script (2.2.0)
      coffee-script-source
      execjs
    coffee-script-source (1.3.3)
    database_cleaner (0.8.0)
    erubis (2.7.0)
    execjs (1.4.0)
      multi_json (~> 1.0)
    factory_girl (2.6.3)
      activesupport (>= 2.3.9)
    factory_girl_rails (1.7.0)
      factory_girl (~> 2.6.0)
      railties (>= 3.0.0)
    ffi (1.1.5)
    ffi (1.1.5-java)
    hike (1.2.1)
    httparty (0.8.3)
      multi_json (~> 1.0)
      multi_xml
    i18n (0.6.1)
    jdbc-sqlite3 (3.7.2.1)
    journey (1.0.4)
    jquery-rails (2.0.2)
      railties (>= 3.2.0, < 5.0)
      thor (~> 0.14)
    jquery-ui-themes (0.0.6)
      httparty
    json (1.7.7)
    json (1.7.7-java)
    kramdown (0.14.2)
    libwebsocket (0.1.5)
      addressable
    mail (2.4.4)
      i18n (>= 0.4.0)
      mime-types (~> 1.16)
      treetop (~> 1.4.8)
    mime-types (1.21)
    multi_json (1.6.1)
    multi_xml (0.5.1)
    nokogiri (1.5.5)
    nokogiri (1.5.5-java)
    paperclip (2.8.0)
      activerecord (>= 2.3.0)
      activesupport (>= 2.3.2)
      cocaine (>= 0.0.2)
      mime-types
    polyglot (0.3.3)
    rack (1.4.5)
    rack-cache (1.2)
      rack (>= 0.4)
    rack-ssl (1.3.3)
      rack
    rack-test (0.6.2)
      rack (>= 1.0)
    rails (3.2.12)
      actionmailer (= 3.2.12)
      actionpack (= 3.2.12)
      activerecord (= 3.2.12)
      activeresource (= 3.2.12)
      activesupport (= 3.2.12)
      bundler (~> 1.0)
      railties (= 3.2.12)
    railties (3.2.12)
      actionpack (= 3.2.12)
      activesupport (= 3.2.12)
      rack-ssl (~> 1.3.2)
      rake (>= 0.8.7)
      rdoc (~> 3.4)
      thor (>= 0.14.6, < 2.0)
    rake (10.0.3)
    rdoc (3.12.1)
      json (~> 1.4)
    rubyzip (0.9.9)
    sass (3.1.20)
    sass-rails (3.2.5)
      railties (~> 3.2.0)
      sass (>= 3.1.10)
      tilt (~> 1.3)
    selenium-webdriver (2.25.0)
      childprocess (>= 0.2.5)
      libwebsocket (~> 0.1.3)
      multi_json (~> 1.0)
      rubyzip
    shoulda (3.0.1)
      shoulda-context (~> 1.0.0)
      shoulda-matchers (~> 1.0.0)
    shoulda-context (1.0.0)
    shoulda-matchers (1.0.0)
    sprockets (2.2.2)
      hike (~> 1.2)
      multi_json (~> 1.0)
      rack (~> 1.0)
      tilt (~> 1.1, != 1.3.0)
    sqlite3 (1.3.6)
    thor (0.17.0)
    tilt (1.3.3)
    treetop (1.4.12)
      polyglot
      polyglot (>= 0.3.1)
    tzinfo (0.3.35)
    uglifier (1.2.6)
      execjs (>= 0.3.0)
      multi_json (~> 1.3)
    will_paginate-bootstrap (0.2.4)
      will_paginate (>= 3.0.3)
    xpath (0.1.4)
      nokogiri (~> 1.3)

PLATFORMS
  java
  ruby

DEPENDENCIES
  RedCloth
  activerecord-jdbcsqlite3-adapter
  acts_as_list
  awesome_print
  capybara!
  coffee-rails (~> 3.2.1)
  database_cleaner
  factory_girl_rails
  hobo!
  hobo_bootstrap!
  hobo_bootstrap_ui!
  hobo_jquery_ui!
  hobo_paperclip!
  hobo_simple_color!
  hobo_tokeninput!
  jquery-rails
  jquery-ui-themes (~> 0.0.4)
  kramdown
  paperclip (~> 2.7)
  rails (= 3.2.12)
  sass-rails (~> 3.2.3)
  shoulda
  sqlite3
  uglifier (>= 1.0.3)
  will_paginate!
