GIT
  remote: git://github.com/Hobo/hobo_simple_color
  revision: a3004f3cbebd4412647735a87ff470464a63832b
  specs:
    hobo_simple_color (0.0.2)
      hobo (> 1.4.0.pre4)

GIT
  remote: git://github.com/Hobo/hobo_tokeninput
  revision: 271317004e0a3c6fd6083405b30193e3fbbae0ba
  specs:
    hobo_tokeninput (0.0.1)
      hobo (> 1.4.0.pre5)

GIT
  remote: git://github.com/Hobo/will_paginate.git
  revision: 2695031cf4d55a6816ff36941605125418ceb8cb
  specs:
    will_paginate (3.0.3)

GIT
  remote: git://github.com/jnicklas/capybara.git
  revision: bcae6bea021e2f77aebf6093134e23a07e415e02
  specs:
    capybara (1.1.2)
      mime-types (>= 1.16)
      nokogiri (>= 1.3.3)
      rack (>= 1.0.0)
      rack-test (>= 0.5.4)
      selenium-webdriver (~> 2.0)
      xpath (~> 0.1.4)

GIT
  remote: git://github.com/thoughtbot/paperclip.git
  revision: 3d556955be58cea1c12c3b9b447a9fb4f673a87b
  branch: master
  specs:
    paperclip (3.1.2)
      activemodel (>= 3.0.0)
      activerecord (>= 3.0.0)
      activesupport (>= 3.0.0)
      cocaine (>= 0.0.2)
      mime-types

GIT
  remote: https://github.com/josephbridgwaterrowe/capybara-webkit.git
  revision: 824abe88c04c289bc560790b4335d7a45da65d2b
  branch: patch-1
  specs:
    capybara-webkit (0.10.1)
      capybara (>= 1.0.0, < 1.2)
      json

PATH
  remote: ../..
  specs:
    dryml (2.0.0.pre3)
      actionpack (~> 3.2.0)
      hobo_support (= 2.0.0.pre3)
    hobo (2.0.0.pre3)
      dryml (= 2.0.0.pre3)
      hobo_fields (= 2.0.0.pre3)
      hobo_support (= 2.0.0.pre3)
      will_paginate (~> 3.0.0)
    hobo_clean (2.0.0.pre3)
      hobo (= 2.0.0.pre3)
      hobo_jquery_ui (= 2.0.0.pre3)
    hobo_fields (2.0.0.pre3)
      hobo_support (= 2.0.0.pre3)
    hobo_jquery (2.0.0.pre3)
      hobo_rapid (= 2.0.0.pre3)
      jquery-rails (~> 2.0)
    hobo_jquery_ui (2.0.0.pre3)
      hobo (= 2.0.0.pre3)
      hobo_jquery (= 2.0.0.pre3)
      jquery-ui-themes (~> 0.0.4)
    hobo_rapid (2.0.0.pre3)
      hobo (= 2.0.0.pre3)
    hobo_support (2.0.0.pre3)
      rails (~> 3.2.0)

GEM
  remote: http://rubygems.org/
  specs:
    RedCloth (4.2.9)
    actionmailer (3.2.8)
      actionpack (= 3.2.8)
      mail (~> 2.4.4)
    actionpack (3.2.8)
      activemodel (= 3.2.8)
      activesupport (= 3.2.8)
      builder (~> 3.0.0)
      erubis (~> 2.7.0)
      journey (~> 1.0.4)
      rack (~> 1.4.0)
      rack-cache (~> 1.2)
      rack-test (~> 0.6.1)
      sprockets (~> 2.1.3)
    activemodel (3.2.8)
      activesupport (= 3.2.8)
      builder (~> 3.0.0)
    activerecord (3.2.8)
      activemodel (= 3.2.8)
      activesupport (= 3.2.8)
      arel (~> 3.0.2)
      tzinfo (~> 0.3.29)
    activeresource (3.2.8)
      activemodel (= 3.2.8)
      activesupport (= 3.2.8)
    activesupport (3.2.8)
      i18n (~> 0.6)
      multi_json (~> 1.0)
    addressable (2.2.8)
    arel (3.0.2)
    awesome_print (1.0.2)
    bluecloth (2.2.0)
    builder (3.0.3)
    childprocess (0.3.3)
      ffi (~> 1.0.6)
    cocaine (0.2.1)
    coffee-rails (3.2.2)
      coffee-script (>= 2.2.0)
      railties (~> 3.2.0)
    coffee-script (2.2.0)
      coffee-script-source
      execjs
    coffee-script-source (1.3.3)
    columnize (0.3.6)
    database_cleaner (0.8.0)
    debugger (1.1.4)
      columnize (>= 0.3.1)
      debugger-linecache (~> 1.1.1)
      debugger-ruby_core_source (~> 1.1.3)
    debugger-linecache (1.1.2)
      debugger-ruby_core_source (>= 1.1.1)
    debugger-ruby_core_source (1.1.3)
    erubis (2.7.0)
    execjs (1.4.0)
      multi_json (~> 1.0)
    factory_girl (2.6.3)
      activesupport (>= 2.3.9)
    factory_girl_rails (1.7.0)
      factory_girl (~> 2.6.0)
      railties (>= 3.0.0)
    ffi (1.0.11)
    hike (1.2.1)
    httparty (0.8.3)
      multi_json (~> 1.0)
      multi_xml
    i18n (0.6.1)
    journey (1.0.4)
    jquery-rails (2.0.2)
      railties (>= 3.2.0, < 5.0)
      thor (~> 0.14)
    jquery-ui-themes (0.0.6)
      httparty
    json (1.7.4)
    libv8 (3.3.10.4)
    libwebsocket (0.1.3)
      addressable
    mail (2.4.4)
      i18n (>= 0.4.0)
      mime-types (~> 1.16)
      treetop (~> 1.4.8)
    mime-types (1.19)
    multi_json (1.3.6)
    multi_xml (0.5.1)
    nokogiri (1.5.5)
    polyglot (0.3.3)
    rack (1.4.1)
    rack-cache (1.2)
      rack (>= 0.4)
    rack-ssl (1.3.2)
      rack
    rack-test (0.6.1)
      rack (>= 1.0)
    rails (3.2.8)
      actionmailer (= 3.2.8)
      actionpack (= 3.2.8)
      activerecord (= 3.2.8)
      activeresource (= 3.2.8)
      activesupport (= 3.2.8)
      bundler (~> 1.0)
      railties (= 3.2.8)
    railties (3.2.8)
      actionpack (= 3.2.8)
      activesupport (= 3.2.8)
      rack-ssl (~> 1.3.2)
      rake (>= 0.8.7)
      rdoc (~> 3.4)
      thor (>= 0.14.6, < 2.0)
    rake (0.9.2.2)
    rdoc (3.12)
      json (~> 1.4)
    rubyzip (0.9.9)
    sass (3.1.20)
    sass-rails (3.2.5)
      railties (~> 3.2.0)
      sass (>= 3.1.10)
      tilt (~> 1.3)
    selenium-webdriver (2.24.0)
      childprocess (>= 0.2.5)
      libwebsocket (~> 0.1.3)
      multi_json (~> 1.0)
      rubyzip
    shoulda (3.0.1)
      shoulda-context (~> 1.0.0)
      shoulda-matchers (~> 1.0.0)
    shoulda-context (1.0.0)
    shoulda-matchers (1.0.0)
    sprockets (2.1.3)
      hike (~> 1.2)
      rack (~> 1.0)
      tilt (~> 1.1, != 1.3.0)
    sqlite3 (1.3.6)
    therubyracer (0.10.1)
      libv8 (~> 3.3.10)
    thor (0.15.4)
    tilt (1.3.3)
    treetop (1.4.10)
      polyglot
      polyglot (>= 0.3.1)
    tzinfo (0.3.33)
    uglifier (1.2.6)
      execjs (>= 0.3.0)
      multi_json (~> 1.3)
    xpath (0.1.4)
      nokogiri (~> 1.3)

PLATFORMS
  ruby

DEPENDENCIES
  RedCloth
  awesome_print
  bluecloth
  capybara!
  capybara-webkit!
  coffee-rails (~> 3.2.1)
  database_cleaner
  debugger
  dryml!
  factory_girl_rails
  hobo!
  hobo_clean!
  hobo_fields!
  hobo_jquery!
  hobo_jquery_ui!
  hobo_rapid!
  hobo_simple_color!
  hobo_support!
  hobo_tokeninput!
  jquery-rails
  jquery-ui-themes (~> 0.0.4)
  paperclip!
  rails (= 3.2.8)
  sass-rails (~> 3.2.3)
  shoulda
  sqlite3
  therubyracer
  uglifier (>= 1.0.3)
  will_paginate!
